GEM
  remote: https://rubygems.org/
  specs:
    tty-cursor (0.7.0)

PLATFORMS
  ruby

DEPENDENCIES
  tty-cursor

BUNDLED WITH
   2.0.2
